GEM
  remote: https://rubygems.org/
  specs:
    ansi (1.5.0)
    autotest-suffix (1.1.0)
    builder (3.2.2)
    childprocess (0.5.9)
      ffi (~> 1.0, >= 1.0.11)
    ffi (1.9.10)
    minitest (5.8.4)
    minitest-autotest (1.0.3)
      minitest-server (~> 1.0)
    minitest-reporters (1.1.9)
      ansi
      builder
      minitest (>= 5.0)
      ruby-progressbar
    minitest-server (1.0.4)
      minitest (~> 5.0)
    ruby-progressbar (1.8.0)
    rubyzip (1.2.0)
    selenium-webdriver (2.53.0)
      childprocess (~> 0.5)
      rubyzip (~> 1.0)
      websocket (~> 1.0)
    watir-webdriver (0.9.1)
      selenium-webdriver (>= 2.46.2)
    websocket (1.2.3)

PLATFORMS
  ruby

DEPENDENCIES
  autotest-suffix
  minitest
  minitest-autotest
  minitest-reporters
  watir-webdriver

BUNDLED WITH
   1.11.2
